REDIRECTS: ON
STRATEGY: MAX
FRAMEWORK: NET451, NET452
NUGET
  remote: http://api.nuget.org/v3/index.json
    Antlr (3.5.0.2)
    Autofac (3.5.2)
    bootstrap (3.0)
      jQuery (>= 1.9)
    EventStore.Client (3.0.2)
    FSharp.Core (4.0.0.1)
    FsPickler (1.2.5)
    jQuery (1.10.2)
    jQuery.Validation (1.11.1)
      jQuery (>= 1.4.4)
    Microsoft.AspNet.Mvc (5.2)
      Microsoft.AspNet.Razor (>= 3.2 < 3.3)
      Microsoft.AspNet.WebPages (>= 3.2 < 3.3)
    Microsoft.AspNet.Razor (3.2)
    Microsoft.AspNet.SignalR (2.0)
      Microsoft.AspNet.SignalR.JS (>= 2.0)
      Microsoft.AspNet.SignalR.SystemWeb (>= 2.0)
    Microsoft.AspNet.SignalR.Core (2.1.2)
      Microsoft.Owin (>= 2.0.1)
      Microsoft.Owin.Security (>= 2.0.1)
      Newtonsoft.Json (>= 6.0.4)
      Owin (>= 1.0)
    Microsoft.AspNet.SignalR.JS (2.0.1)
      jQuery (>= 1.6.4)
    Microsoft.AspNet.SignalR.SystemWeb (2.0.1)
      Microsoft.AspNet.SignalR.Core (>= 2.0.1)
      Microsoft.Owin.Host.SystemWeb (>= 2.0)
    Microsoft.AspNet.Web.Optimization (1.1.3)
      Microsoft.Web.Infrastructure (>= 1.0)
      WebGrease (>= 1.5.2)
    Microsoft.AspNet.WebPages (3.2)
      Microsoft.AspNet.Razor (>= 3.2 < 3.3)
      Microsoft.Web.Infrastructure (>= 1.0)
    Microsoft.Azure.KeyVault.Core (1.0)
    Microsoft.CodeAnalysis.Analyzers (1.1)
    Microsoft.CodeAnalysis.Common (1.1.1)
      Microsoft.CodeAnalysis.Analyzers (>= 1.1)
      System.Collections.Immutable (>= 1.1.37)
      System.Reflection.Metadata (>= 1.1)
    Microsoft.CodeAnalysis.CSharp (1.1.1)
      Microsoft.CodeAnalysis.Common (1.1.1)
    Microsoft.Data.Edm (5.7)
    Microsoft.Data.OData (5.7)
      Microsoft.Data.Edm (5.7)
      System.Spatial (5.7)
    Microsoft.Data.Services.Client (5.7)
      Microsoft.Data.OData (5.7)
    Microsoft.Framework.DependencyInjection.Abstractions (1.0.0-beta8)
    Microsoft.jQuery.Unobtrusive.Validation (3.2)
      jQuery (>= 1.8)
      jQuery.Validation (>= 1.8)
    Microsoft.Orleans.Core (1.2.3)
      Newtonsoft.Json (>= 7.0.1)
    Microsoft.Orleans.OrleansAzureUtils (1.2.3)
      Microsoft.Orleans.Core (>= 1.2.3)
      Microsoft.Orleans.OrleansProviders (>= 1.2.3)
      Microsoft.Orleans.OrleansRuntime (>= 1.2.3)
      WindowsAzure.Storage (>= 5.0.2)
    Microsoft.Orleans.OrleansCodeGenerator (1.2.3)
      Microsoft.CodeAnalysis.CSharp (>= 1.0)
      Microsoft.Orleans.Core (>= 1.2.3)
    Microsoft.Orleans.OrleansProviders (1.2.3)
      Microsoft.Orleans.Core (>= 1.2.3)
    Microsoft.Orleans.OrleansRuntime (1.2.3)
      Microsoft.Orleans.Core (>= 1.2.3)
    Microsoft.Owin (2.0.1)
      Owin (>= 1.0)
    Microsoft.Owin.Host.SystemWeb (2.0)
      Microsoft.Owin (>= 2.0)
      Owin (>= 1.0)
    Microsoft.Owin.Security (2.0.1)
      Microsoft.Owin (>= 2.0.1)
      Owin (>= 1.0)
    Microsoft.Web.Infrastructure (1.0)
    Microsoft.WindowsAzure.ConfigurationManager (2.0.3)
    Modernizr (2.6.2)
    Nake (2.3.4)
    Newtonsoft.Json (7.0.1)
    NuGet.CommandLine (3.4.3)
    NUnit (2.6.4)
    NUnit.Runners (2.6.4)
    Owin (1.0)
    PowerAssert (1.0.16)
    Respond (1.2)
    Streamstone (0.9.5)
      WindowsAzure.Storage (>= 6.1)
    Suave (0.31)
      FSharp.Core (>= 4.0.0.1)
      FsPickler (>= 1.2.5)
    System.Collections.Immutable (1.1.37)
    System.Reflection.Metadata (1.1)
    System.Spatial (5.7)
    WebGrease (1.5.2)
      Antlr (>= 3.4.1.9004)
      Newtonsoft.Json (>= 5.0.4)
    WindowsAzure.Storage (6.1)
      Microsoft.Azure.KeyVault.Core (>= 1.0)
      Microsoft.Data.OData (>= 5.6.4)
      Microsoft.Data.Services.Client (>= 5.6.4)
      Newtonsoft.Json (>= 6.0.8)
